PATH
  remote: .
  specs:
    cubic (0.2)
      librato-metrics (~> 1.6.0)

GEM
  remote: https://rubygems.org/
  specs:
    aggregate (0.2.2)
    faraday (0.9.2)
      multipart-post (>= 1.2, < 3)
    librato-metrics (1.6.0)
      aggregate (~> 0.2.2)
      faraday (~> 0.7)
      multi_json
    minitest (5.8.3)
    multi_json (1.11.2)
    multipart-post (2.0.0)
    rake (10.5.0)

PLATFORMS
  ruby

DEPENDENCIES
  cubic!
  minitest
  rake

BUNDLED WITH
   1.11.2
